GEM
  remote: https://rubygems.org/
  specs:
    json (2.3.0)

PLATFORMS
  ruby

DEPENDENCIES
  json (= 2.3.0)

BUNDLED WITH
   1.17.3
