GEM
  remote: https://rubygems.org/
  specs:
    json (1.1.0)

PLATFORMS
  ruby

DEPENDENCIES
  json (= 1.1.0)

BUNDLED WITH
   1.16.2
