GEM
  remote: https://rubygems.org/
  specs:
    json (1.5.5)

PLATFORMS
  ruby

DEPENDENCIES
  json (= 1.5.5)

BUNDLED WITH
   1.17.3
